GEM
  remote: https://rubygems.org/
  specs:
    diff-lcs (1.1.3)
    rspec (2.11.0)
      rspec-core (~> 2.11.0)
      rspec-expectations (~> 2.11.0)
      rspec-mocks (~> 2.11.0)
    rspec-core (2.11.1)
    rspec-expectations (2.11.3)
      diff-lcs (~> 1.1.3)
    rspec-given (2.4.0)
      rspec (>= 2.11)
      sorcerer (>= 0.3.7)
    rspec-mocks (2.11.3)
    sorcerer (0.3.10)

PLATFORMS
  ruby

DEPENDENCIES
  rspec (~> 2.11.0)
  rspec-given (~> 2.4.0)
